PATH
  remote: .
  specs:
    ruby-plugin (0.1.0)
      foreman
      sneakers

GEM
  remote: https://rubygems.org/
  specs:
    amq-protocol (2.3.0)
    bunny (2.14.2)
      amq-protocol (~> 2.3, >= 2.3.0)
    byebug (11.0.1)
    coderay (1.1.2)
    concurrent-ruby (1.1.5)
    diff-lcs (1.3)
    foreman (0.85.0)
      thor (~> 0.19.1)
    method_source (0.9.2)
    pry (0.12.2)
      coderay (~> 1.1.0)
      method_source (~> 0.9.0)
    pry-byebug (3.7.0)
      byebug (~> 11.0)
      pry (~> 0.10)
    rake (10.5.0)
    rspec (3.8.0)
      rspec-core (~> 3.8.0)
      rspec-expectations (~> 3.8.0)
      rspec-mocks (~> 3.8.0)
    rspec-core (3.8.2)
      rspec-support (~> 3.8.0)
    rspec-expectations (3.8.4)
      diff-lcs (>= 1.2.0, < 2.0)
      rspec-support (~> 3.8.0)
    rspec-mocks (3.8.1)
      diff-lcs (>= 1.2.0, < 2.0)
      rspec-support (~> 3.8.0)
    rspec-support (3.8.2)
    serverengine (2.0.7)
      sigdump (~> 0.2.2)
    sigdump (0.2.4)
    sneakers (2.11.0)
      bunny (~> 2.12)
      concurrent-ruby (~> 1.0)
      rake
      serverengine (~> 2.0.5)
      thor
    thor (0.19.4)

PLATFORMS
  ruby

DEPENDENCIES
  bundler (~> 1.17)
  pry-byebug
  rake (~> 10.0)
  rspec (~> 3.0)
  ruby-plugin!

BUNDLED WITH
   1.17.2
